{
	"Modality": "MR",
	"MagneticFieldStrength": 3,
	"ImagingFrequency": 127.777,
	"Manufacturer": "GE",
	"ManufacturersModelName": "DISCOVERY_MR750",
	"InstitutionName": "Addenbrookes_Hospital",
	"DeviceSerialNumber": "000000000000TXMR",
	"StationName": "TXMROW1",
	"BodyPartExamined": "KIDNEY",
	"PatientPosition": "FFS",
	"ProcedureStepDescription": "Renal_volunteers_scan",
	"SoftwareVersions": "27_LX_MR_Software_release:DV26.0_R03_1831.b",
	"MRAcquisitionType": "2D",
	"SeriesDescription": "FS_InPhase_Cor_R2_Mapping_BH_+_phase",
	"ProtocolName": "FS_InPhase_Cor_R2_Mapping_BH_+_phase",
	"ScanningSequence": "RM",
	"SequenceVariant": "NONE",
	"ScanOptions": "SAT_GEMS_EDR_GEMS_ACC_GEMS_FS",
	"ImageType": ["ORIGINAL", "PRIMARY", "OTHER"],
	"SeriesNumber": 17,
	"AcquisitionTime": "10:20:7.000000",
	"AcquisitionNumber": 1,
	"SliceThickness": 5,
	"SpacingBetweenSlices": 5,
	"SAR": 0.133105,
	"EchoNumber": 12,
	"EchoTime": 0.055332,
	"RepetitionTime": 0.13,
	"FlipAngle": 25,
	"CoilString": "32Ch_Cardiac",
	"PercentPhaseFOV": 100,
	"PercentSampling": 100,
	"EchoTrainLength": 12,
	"AcquisitionMatrixPE": 128,
	"ReconMatrixPE": 256,
	"PixelBandwidth": 244.141,
	"PhaseEncodingAxis": "i",
	"ImageOrientationPatientDICOM": [
		0.99997,
		-0.00758,
		0.00043,
		-0.00029,
		-0.09455,
		-0.99552	],
	"InPlanePhaseEncodingDirectionDICOM": "ROW",
	"ConversionSoftware": "dcm2niix",
	"ConversionSoftwareVersion": "v1.0.20200331"
}
